GEM
  remote: https://rubygems.org/
  specs:
    addressable (2.5.2)
      public_suffix (>= 2.0.2, < 4.0)
    algoliasearch (1.19.1)
      httpclient (~> 2.8.3)
      json (>= 1.5.1)
    algoliasearch-jekyll (0.9.1)
      algoliasearch (~> 1.12)
      appraisal (~> 2.1.0)
      awesome_print (~> 1.6)
      json (>= 1.8.6)
      nokogiri (~> 1.7, >= 1.7.2)
      verbal_expressions (~> 0.1.5)
    appraisal (2.1.0)
      bundler
      rake
      thor (>= 0.14.0)
    asciidoctor (1.5.6.1)
    asciidoctor-github-include (0.0.2)
      asciidoctor (~> 1.5, >= 1.5.0)
    awesome_print (1.8.0)
    byebug (10.0.0)
    coderay (1.1.2)
    colorator (1.1.0)
    concurrent-ruby (1.0.5)
    em-websocket (0.5.1)
      eventmachine (>= 0.12.9)
      http_parser.rb (~> 0.6.0)
    eventmachine (1.2.5)
    ffi (1.9.21)
    forwardable-extended (2.6.0)
    http_parser.rb (0.6.0)
    httpclient (2.8.3)
    i18n (0.9.5)
      concurrent-ruby (~> 1.0)
    jekyll (3.7.2)
      addressable (~> 2.4)
      colorator (~> 1.0)
      em-websocket (~> 0.5)
      i18n (~> 0.7)
      jekyll-sass-converter (~> 1.0)
      jekyll-watch (~> 2.0)
      kramdown (~> 1.14)
      liquid (~> 4.0)
      mercenary (~> 0.3.3)
      pathutil (~> 0.9)
      rouge (>= 1.7, < 4)
      safe_yaml (~> 1.0)
    jekyll-asciidoc (2.1.0)
      asciidoctor (>= 1.5.0)
      jekyll (>= 2.3.0)
    jekyll-redirect-from (0.13.0)
      jekyll (~> 3.3)
    jekyll-sass-converter (1.5.2)
      sass (~> 3.4)
    jekyll-watch (2.0.0)
      listen (~> 3.0)
    json (2.1.0)
    kramdown (1.16.2)
    libv8 (3.16.14.19)
    liquid (4.0.0)
    listen (3.1.5)
      rb-fsevent (~> 0.9, >= 0.9.4)
      rb-inotify (~> 0.9, >= 0.9.7)
      ruby_dep (~> 1.2)
    mercenary (0.3.6)
    method_source (0.9.0)
    mini_portile2 (2.3.0)
    multi_json (1.13.1)
    nokogiri (1.8.2)
      mini_portile2 (~> 2.3.0)
    octopress-debugger (1.0.2)
      jekyll
      pry-byebug
    pathutil (0.16.1)
      forwardable-extended (~> 2.6)
    pry (0.11.3)
      coderay (~> 1.1.0)
      method_source (~> 0.9.0)
    pry-byebug (3.6.0)
      byebug (~> 10.0)
      pry (~> 0.10)
    public_suffix (3.0.2)
    pygments.rb (1.2.1)
      multi_json (>= 1.0.0)
    rake (12.3.0)
    rb-fsevent (0.10.2)
    rb-inotify (0.9.10)
      ffi (>= 0.5.0, < 2)
    ref (2.0.0)
    rouge (3.1.1)
    ruby_dep (1.5.0)
    safe_yaml (1.0.4)
    sass (3.5.5)
      sass-listen (~> 4.0.0)
    sass-listen (4.0.0)
      rb-fsevent (~> 0.9, >= 0.9.4)
      rb-inotify (~> 0.9, >= 0.9.7)
    therubyracer (0.12.3)
      libv8 (~> 3.16.14.15)
      ref
    thor (0.20.0)
    verbal_expressions (0.1.5)

PLATFORMS
  ruby

DEPENDENCIES
  algoliasearch-jekyll (~> 0.9.0)
  asciidoctor (>= 1.5.5)
  asciidoctor-github-include
  jekyll (>= 3.6.2)
  jekyll-asciidoc (>= 2.0.1)
  jekyll-redirect-from
  octopress-debugger
  pygments.rb
  therubyracer

BUNDLED WITH
   1.16.1
